GIT
  remote: https://github.com/CocoaPods/CocoaPods.git
  revision: 690c7f5ea88d2bf8d726038921cbb4a9b14904ed
  ref: 690c7f5ea88d2bf8d726038921cbb4a9b14904ed
  specs:
    cocoapods (1.4.0.beta.1)
      activesupport (>= 4.0.2, < 5)
      claide (>= 1.0.2, < 2.0)
      cocoapods-core (= 1.4.0.beta.1)
      cocoapods-deintegrate (>= 1.0.1, < 2.0)
      cocoapods-downloader (>= 1.1.3, < 2.0)
      cocoapods-plugins (>= 1.0.0, < 2.0)
      cocoapods-search (>= 1.0.0, < 2.0)
      cocoapods-stats (>= 1.0.0, < 2.0)
      cocoapods-trunk (>= 1.2.0, < 2.0)
      cocoapods-try (>= 1.1.0, < 2.0)
      colored2 (~> 3.1)
      escape (~> 0.0.4)
      fourflusher (~> 2.0.1)
      gh_inspector (~> 1.0)
      molinillo (~> 0.6.1)
      nap (~> 1.0)
      ruby-macho (~> 1.1)
      xcodeproj (>= 1.5.2, < 2.0)

GIT
  remote: https://github.com/CocoaPods/Xcodeproj.git
  revision: 07607507950d971f7271c8f288e0b14cc11ea87a
  specs:
    xcodeproj (1.5.2)
      CFPropertyList (~> 2.3.3)
      claide (>= 1.0.2, < 2.0)
      colored2 (~> 3.1)
      nanaimo (~> 0.2.3)

GIT
  remote: https://github.com/orta/cocoapods-keys.git
  revision: 83b0c3f931a1949ca8dfd28efe4e35a0906f2a1e
  specs:
    cocoapods-keys (2.0.0)
      dotenv
      osx_keychain

GEM
  remote: https://rubygems.org/
  specs:
    CFPropertyList (2.3.5)
    RubyInline (3.12.4)
      ZenTest (~> 4.3)
    ZenTest (4.11.1)
    activesupport (4.2.10)
      i18n (~> 0.7)
      minitest (~> 5.1)
      thread_safe (~> 0.3, >= 0.3.4)
      tzinfo (~> 1.1)
    aws-sdk (1.67.0)
      aws-sdk-v1 (= 1.67.0)
    aws-sdk-v1 (1.67.0)
      json (~> 1.4)
      nokogiri (~> 1)
    claide (1.0.2)
    cocoapods-core (1.4.0.beta.1)
      activesupport (>= 4.0.2, < 6)
      fuzzy_match (~> 2.0.4)
      nap (~> 1.0)
    cocoapods-deintegrate (1.0.1)
    cocoapods-downloader (1.1.3)
    cocoapods-plugins (1.0.0)
      nap
    cocoapods-search (1.0.0)
    cocoapods-stats (1.0.0)
    cocoapods-trunk (1.3.0)
      nap (>= 0.8, < 2.0)
      netrc (~> 0.11)
    cocoapods-try (1.1.0)
    colored2 (3.1.2)
    commander (4.4.3)
      highline (~> 1.7.2)
    dotenv (2.2.1)
    escape (0.0.4)
    faraday (0.13.1)
      multipart-post (>= 1.2, < 3)
    faraday_middleware (0.12.2)
      faraday (>= 0.7.4, < 1.0)
    fourflusher (2.0.1)
    fuzzy_match (2.0.4)
    gh_inspector (1.0.3)
    highline (1.7.8)
    i18n (0.8.6)
    json (1.8.6)
    mini_portile2 (2.3.0)
    minitest (5.10.3)
    molinillo (0.6.3)
    multipart-post (2.0.0)
    nanaimo (0.2.3)
    nap (1.1.0)
    net-sftp (2.1.2)
      net-ssh (>= 2.6.5)
    net-ssh (4.2.0)
    netrc (0.11.0)
    nokogiri (1.8.1)
      mini_portile2 (~> 2.3.0)
    osx_keychain (1.0.1)
      RubyInline (~> 3)
    plist (3.1.0)
    rouge (2.0.7)
    ruby-macho (1.1.0)
    rubyzip (1.2.1)
    sbconstants (1.2.0)
    security (0.1.3)
    shenzhen (0.14.3)
      aws-sdk (~> 1.0)
      commander (~> 4.3)
      dotenv (>= 0.7)
      faraday (~> 0.9)
      faraday_middleware (~> 0.9)
      highline (>= 1.7.2)
      json (~> 1.8)
      net-sftp (~> 2.1.2)
      plist (~> 3.1.0)
      rubyzip (~> 1.1)
      security (~> 0.1.3)
      terminal-table (~> 1.4)
    terminal-table (1.8.0)
      unicode-display_width (~> 1.1, >= 1.1.1)
    thread_safe (0.3.6)
    tzinfo (1.2.3)
      thread_safe (~> 0.1)
    unicode-display_width (1.3.0)
    xcpretty (0.2.8)
      rouge (~> 2.0.7)

PLATFORMS
  ruby

DEPENDENCIES
  cocoapods!
  cocoapods-keys!
  sbconstants
  shenzhen
  xcodeproj!
  xcpretty

BUNDLED WITH
   1.15.4
